GEM
  remote: https://rubygems.org/
  specs:
    byebug (9.0.6)
    coderay (1.1.1)
    envyable (1.2.0)
      thor (>= 0.18.1, < 2.0)
    ethon (0.10.1)
      ffi (>= 1.3.0)
    ffi (1.9.18)
    json (2.0.4)
    method_source (0.8.2)
    pry (0.10.4)
      coderay (~> 1.1.0)
      method_source (~> 0.8.1)
      slop (~> 3.4)
    pry-byebug (3.4.2)
      byebug (~> 9.0)
      pry (~> 0.10)
    slop (3.6.0)
    thor (0.19.4)
    typhoeus (1.1.2)
      ethon (>= 0.9.0)

PLATFORMS
  ruby

DEPENDENCIES
  envyable
  json
  pry-byebug
  typhoeus

BUNDLED WITH
   1.11.2
